GEM
  remote: https://rubygems.org/
  specs:
    google-protobuf (4.26.1-x86_64-linux)
      rake (>= 13)
    rake (13.2.1)

PLATFORMS
  x86_64-linux

DEPENDENCIES
  google-protobuf

RUBY VERSION
   ruby 3.2.2p53

BUNDLED WITH
   2.5.9
